GEM
  remote: https://rubygems.org/
  specs:
    capistrano (3.0.1)
      i18n
      rake (>= 10.0.0)
      sshkit (>= 0.0.23)
    i18n (0.6.11)
    net-scp (1.2.1)
      net-ssh (>= 2.6.5)
    net-ssh (2.7.0)
    rake (10.3.2)
    sshkit (1.0.0)
      net-scp
      net-ssh
      term-ansicolor
    term-ansicolor (1.3.0)
      tins (~> 1.0)
    tins (1.3.0)

PLATFORMS
  ruby

DEPENDENCIES
  capistrano (~> 3.0.1)
  net-ssh (~> 2.7.0)
  sshkit (~> 1.0.0)
